GEM
  remote: https://rubygems.org/
  specs:
    awesome_print (1.8.0)
    faraday (0.9.2)
      multipart-post (>= 1.2, < 3)
    hashie (4.1.0)
    multipart-post (2.1.1)
    octokit (2.0.0)
      sawyer (~> 0.3.0)
    rack (1.6.13)
    rack-protection (1.5.5)
      rack
    sawyer (0.3.0)
      faraday (~> 0.8, < 0.10)
      uri_template (~> 0.5.0)
    sinatra (1.4.4)
      rack (~> 1.4)
      rack-protection (~> 1.4)
      tilt (~> 1.3, >= 1.3.4)
    tilt (1.4.1)
    uri_template (0.5.3)

PLATFORMS
  ruby

DEPENDENCIES
  awesome_print
  hashie
  octokit (~> 2.0)
  sinatra (= 1.4.4)

BUNDLED WITH
   2.0.1
